GIT
  remote: https://github.com/juanpastas/sinatra.git
  revision: 5a101bb28a148a050f5878cd605141f9c3f3f97c
  specs:
    sinatra (1.4.0)
      rack (~> 1.3, >= 1.3.6)
      rack-protection (~> 1.2)
      tilt (~> 1.3, >= 1.3.3)

GIT
  remote: https://github.com/sinatra/sinatra-contrib.git
  revision: dc38ff1a4a46a27dbb9241d40b15472d8097761d
  specs:
    sinatra-contrib (1.4.2)
      backports (>= 2.0)
      multi_json
      rack-protection
      rack-test
      sinatra (~> 1.4.0)
      tilt (~> 1.3)

GEM
  remote: https://rubygems.org/
  specs:
    activemodel (3.2.16)
      activesupport (= 3.2.16)
      builder (~> 3.0.0)
    activesupport (3.2.16)
      i18n (~> 0.6, >= 0.6.4)
      multi_json (~> 1.0)
    addressable (2.3.5)
    backports (3.5.0)
    bcrypt-ruby (3.1.2)
    bcrypt-ruby (3.1.2-x86-mingw32)
    builder (3.0.4)
    dm-core (1.2.1)
      addressable (~> 2.3)
    dm-migrations (1.2.0)
      dm-core (~> 1.2.0)
    dm-timestamps (1.2.0)
      dm-core (~> 1.2.0)
    dm-validations (1.2.0)
      dm-core (~> 1.2.0)
    haml (3.0.21)
    i18n (0.6.9)
    minitest (5.2.2)
    minitest-colorize (0.0.5)
      minitest (>= 2.0)
    mongoid (3.1.6)
      activemodel (~> 3.2)
      moped (~> 1.4)
      origin (~> 1.0)
      tzinfo (~> 0.3.29)
    mongoid-bcrypt-ruby (0.0.2)
      bcrypt-ruby
    moped (1.5.1)
    multi_json (1.8.4)
    origin (1.1.0)
    rack (1.5.2)
    rack-flash (0.1.2)
      rack
    rack-protection (1.5.2)
      rack
    rack-test (0.6.2)
      rack (>= 1.0)
    rufus-tokyo (1.0.7)
    sass (3.2.13)
    sinatra-advanced-routes (0.5.3)
      sinatra (~> 1.0)
    sinatra-authentication (0.4.1)
      dm-core
      dm-migrations
      dm-timestamps
      dm-validations
      rack-flash
      rufus-tokyo
      sinatra
      sinbook
    sinatra-flash (0.3.0)
      sinatra (>= 1.0.0)
    sinatra-redirect-with-flash (0.2.1)
      sinatra (>= 1.0.0)
    sinatra-reloader (0.5.0)
      sinatra (~> 1.0)
      sinatra-advanced-routes (~> 0.5.0)
    sinatra-twitter-bootstrap (2.3.3)
    sinbook (0.1.9)
      yajl-ruby
    slim (2.0.2)
      temple (~> 0.6.6)
      tilt (>= 1.3.3, < 2.1)
    temple (0.6.7)
    tilt (1.4.1)
    tzinfo (0.3.38)
    warden (1.2.1)
      rack (>= 1.0)
    yajl-ruby (1.2.0)

PLATFORMS
  x86-mingw32

DEPENDENCIES
  bcrypt-ruby (~> 3.1.2)
  builder
  haml
  minitest
  minitest-colorize
  mongoid
  mongoid-bcrypt-ruby
  rack-test
  sass
  sinatra!
  sinatra-authentication
  sinatra-contrib!
  sinatra-flash
  sinatra-redirect-with-flash
  sinatra-reloader
  sinatra-twitter-bootstrap
  slim
  tilt (~> 1.4.1)
  warden (= 1.2.1)
